GEM
  remote: http://rubygems.org/
  specs:
    actionmailer (2.3.11)
      actionpack (= 2.3.11)
    actionpack (2.3.11)
      activesupport (= 2.3.11)
      rack (~> 1.1.0)
    activerecord (2.3.11)
      activesupport (= 2.3.11)
    activeresource (2.3.11)
      activesupport (= 2.3.11)
    activesupport (2.3.11)
    builder (2.1.2)
    cucumber (0.8.5)
      builder (~> 2.1.2)
      diff-lcs (~> 1.1.2)
      gherkin (~> 2.1.4)
      json_pure (~> 1.4.3)
      term-ansicolor (~> 1.0.4)
    cucumber-rails (0.3.2)
      cucumber (>= 0.8.0)
    diff-lcs (1.1.2)
    gherkin (2.1.5)
      trollop (~> 1.16.2)
    json_pure (1.4.6)
    marc (0.4.1)
    mysql (2.8.1)
    nokogiri (1.4.4)
    rack (1.1.2)
    rack-test (0.5.7)
      rack (>= 1.0)
    rails (2.3.11)
      actionmailer (= 2.3.11)
      actionpack (= 2.3.11)
      activerecord (= 2.3.11)
      activeresource (= 2.3.11)
      activesupport (= 2.3.11)
      rake (>= 0.8.3)
    rake (0.8.7)
    rcov (0.9.9)
    request-log-analyzer (1.10.1)
    rspec (1.3.2)
    rspec-rails (1.3.4)
      rack (>= 1.0.0)
      rspec (~> 1.3.1)
    sqlite3 (1.3.3)
    sqlite3-ruby (1.3.3)
      sqlite3 (>= 1.3.3)
    term-ansicolor (1.0.5)
    trollop (1.16.2)
    webrat (0.7.3)
      nokogiri (>= 1.2.0)
      rack (>= 1.0)
      rack-test (>= 0.5.3)

PLATFORMS
  ruby

DEPENDENCIES
  bundler (>= 1.0.0)
  cucumber (~> 0.8.5)
  cucumber-rails (>= 0.3.2)
  gherkin (>= 2.1.5)
  marc (>= 0.3.0)
  mysql (>= 2.8.1)
  nokogiri (>= 1.4.1)
  rack (>= 1.0.1)
  rails (>= 2.3.5, < 3.0.0)
  rake (>= 0.8.7)
  rcov (>= 0.9.8)
  request-log-analyzer (>= 1.6.4)
  rspec (< 2.0)
  rspec-rails
  sqlite3-ruby (>= 1.2.5)
  webrat (>= 0.7.1)
